GEM
  remote: http://rubygems.org/
  specs:
    builder (3.0.0)
    gyoku (0.4.4)
      builder (>= 2.1.2)
    haml (3.1.4)
    httparty (0.8.1)
      multi_json
      multi_xml
    json (1.6.5)
    multi_json (1.1.0)
    multi_xml (0.4.1)
    parallel (0.5.15)
    rack (1.4.1)
    rack-protection (1.2.0)
      rack
    shotgun (0.9)
      rack (>= 1.0)
    sinatra (1.3.2)
      rack (~> 1.3, >= 1.3.6)
      rack-protection (~> 1.2)
      tilt (~> 1.3, >= 1.3.3)
    tilt (1.3.3)

PLATFORMS
  ruby

DEPENDENCIES
  gyoku
  haml
  httparty
  json
  parallel
  shotgun
  sinatra
